PATH
  remote: .
  specs:
    prism_ext (0.2.2)
      prism

GEM
  remote: https://rubygems.org/
  specs:
    diff-lcs (1.5.0)
    prism (0.20.0)
    rake (13.1.0)
    rspec (3.12.0)
      rspec-core (~> 3.12.0)
      rspec-expectations (~> 3.12.0)
      rspec-mocks (~> 3.12.0)
    rspec-core (3.12.2)
      rspec-support (~> 3.12.0)
    rspec-expectations (3.12.3)
      diff-lcs (>= 1.2.0, < 2.0)
      rspec-support (~> 3.12.0)
    rspec-mocks (3.12.6)
      diff-lcs (>= 1.2.0, < 2.0)
      rspec-support (~> 3.12.0)
    rspec-support (3.12.1)

PLATFORMS
  ruby
  x86_64-darwin-23

DEPENDENCIES
  prism_ext!
  rake (~> 13.0)
  rspec (~> 3.0)

BUNDLED WITH
   2.5.3
